GEM
  remote: https://rubygems.org/
  specs:
    rake (10.0.3)
    rspec (1.1.11)

PLATFORMS
  java

DEPENDENCIES
  rake (= 10.0.3)
  rspec (= 1.1.11)
